GEM
  remote: http://rubygems.org/
  specs:
    abstract (1.0.0)
    actionmailer (3.0.5)
      actionpack (= 3.0.5)
      mail (~> 2.2.15)
    actionpack (3.0.5)
      activemodel (= 3.0.5)
      activesupport (= 3.0.5)
      builder (~> 2.1.2)
      erubis (~> 2.6.6)
      i18n (~> 0.4)
      rack (~> 1.2.1)
      rack-mount (~> 0.6.13)
      rack-test (~> 0.5.7)
      tzinfo (~> 0.3.23)
    activemodel (3.0.5)
      activesupport (= 3.0.5)
      builder (~> 2.1.2)
      i18n (~> 0.4)
    activerecord (3.0.5)
      activemodel (= 3.0.5)
      activesupport (= 3.0.5)
      arel (~> 2.0.2)
      tzinfo (~> 0.3.23)
    activeresource (3.0.5)
      activemodel (= 3.0.5)
      activesupport (= 3.0.5)
    activesupport (3.0.5)
    acts_as_indexed (0.7.2)
    arel (2.0.9)
    babosa (0.3.3)
    bcrypt-ruby (2.1.4)
    builder (2.1.2)
    capistrano (2.5.21)
      highline
      net-scp (>= 1.0.0)
      net-sftp (>= 2.0.0)
      net-ssh (>= 2.0.14)
      net-ssh-gateway (>= 1.0.0)
    devise (1.2.1)
      bcrypt-ruby (~> 2.1.2)
      orm_adapter (~> 0.0.3)
      warden (~> 1.0.3)
    dragonfly (0.8.2)
      rack
    erubis (2.6.6)
      abstract (>= 1.0.0)
    filters_spam (0.3)
    friendly_id_globalize3 (3.2.1.1)
      babosa (~> 0.3.0)
    globalize3 (0.1.0.beta)
      activemodel (>= 3.0.0)
      activerecord (>= 3.0.0)
    highline (1.6.1)
    i18n (0.5.0)
    kramdown (0.13.2)
    mail (2.2.15)
      activesupport (>= 2.3.6)
      i18n (>= 0.4.0)
      mime-types (~> 1.16)
      treetop (~> 1.4.8)
    mime-types (1.16)
    moretea-awesome_nested_set (1.4.3.1)
      activerecord (~> 3.0.0)
    net-scp (1.0.4)
      net-ssh (>= 1.99.1)
    net-sftp (2.0.5)
      net-ssh (>= 2.0.9)
    net-ssh (2.1.4)
    net-ssh-gateway (1.0.1)
      net-ssh (>= 1.99.1)
    orm_adapter (0.0.4)
    polyglot (0.3.1)
    rack (1.2.2)
    rack-cache (1.0)
      rack (>= 0.4)
    rack-mount (0.6.14)
      rack (>= 1.0.0)
    rack-test (0.5.7)
      rack (>= 1.0)
    rails (3.0.5)
      actionmailer (= 3.0.5)
      actionpack (= 3.0.5)
      activerecord (= 3.0.5)
      activeresource (= 3.0.5)
      activesupport (= 3.0.5)
      bundler (~> 1.0)
      railties (= 3.0.5)
    railties (3.0.5)
      actionpack (= 3.0.5)
      activesupport (= 3.0.5)
      rake (>= 0.8.7)
      thor (~> 0.14.4)
    rake (0.8.7)
    rdoc (3.5.3)
    refinerycms (0.9.9.15)
      bundler (~> 1.0)
      refinerycms-authentication (= 0.9.9.15)
      refinerycms-base (= 0.9.9.15)
      refinerycms-core (= 0.9.9.15)
      refinerycms-dashboard (= 0.9.9.15)
      refinerycms-images (= 0.9.9.15)
      refinerycms-pages (= 0.9.9.15)
      refinerycms-resources (= 0.9.9.15)
      refinerycms-settings (= 0.9.9.15)
    refinerycms-authentication (0.9.9.15)
      devise (~> 1.2.0)
      refinerycms-core (= 0.9.9.15)
    refinerycms-base (0.9.9.15)
    refinerycms-blog (1.3.2)
      filters_spam (~> 0.2)
      refinerycms (>= 0.9.8)
    refinerycms-calendar (1.0.2)
      refinerycms (>= 0.9.9)
    refinerycms-core (0.9.9.15)
      acts_as_indexed (~> 0.7)
      friendly_id_globalize3 (~> 3.2.1)
      globalize3 (>= 0.1.0.beta)
      moretea-awesome_nested_set (~> 1.4)
      rails (~> 3.0.5)
      rdoc (>= 2.5.11)
      refinerycms-base (= 0.9.9.15)
      refinerycms-generators (~> 1.0)
      refinerycms-settings (= 0.9.9.15)
      truncate_html (~> 0.5)
      will_paginate (~> 3.0.pre)
    refinerycms-dashboard (0.9.9.15)
      refinerycms-core (= 0.9.9.15)
    refinerycms-generators (1.0.1)
    refinerycms-i18n (0.9.9.16)
      refinerycms-core (>= 0.9.9.12)
      routing-filter (>= 0.2.3)
    refinerycms-images (0.9.9.15)
      dragonfly (~> 0.8.2)
      rack-cache (>= 0.5.3)
      refinerycms-core (= 0.9.9.15)
    refinerycms-page-images (1.0.3)
      refinerycms (>= 0.9.9)
    refinerycms-pages (0.9.9.15)
      refinerycms-core (= 0.9.9.15)
      seo_meta (~> 1.0.2)
    refinerycms-portfolio (0.9.9)
      refinerycms (>= 0.9.8)
    refinerycms-resources (0.9.9.15)
      dragonfly (~> 0.8.2)
      rack-cache (>= 0.5.3)
      refinerycms-core (= 0.9.9.15)
    refinerycms-search (0.9.8)
      refinerycms (>= 0.9.8)
    refinerycms-settings (0.9.9.15)
      refinerycms-base (= 0.9.9.15)
    refinerycms-theming (1.0.1)
      refinerycms-core (>= 0.9.9.15)
    routing-filter (0.2.3)
      actionpack
    seo_meta (1.0.3)
      refinerycms-generators (~> 1.0.1)
    sqlite3 (1.3.3)
    thor (0.14.6)
    treetop (1.4.9)
      polyglot (>= 0.3.1)
    truncate_html (0.5.1)
    tzinfo (0.3.26)
    warden (1.0.3)
      rack (>= 1.0.0)
    will_paginate (3.0.pre2)

PLATFORMS
  ruby

DEPENDENCIES
  capistrano
  kramdown
  rails (= 3.0.5)
  refinerycms (= 0.9.9.15)
  refinerycms-blog (~> 1.3)
  refinerycms-calendar (~> 1.0)
  refinerycms-i18n (~> 0.9.9.16)
  refinerycms-page-images (~> 1.0)
  refinerycms-portfolio (~> 0.9.9)
  refinerycms-search (~> 0.9.8)
  refinerycms-theming (~> 1.0)
  sqlite3
